GEM
  remote: https://rubygems.org/
  specs:
    diff-lcs (1.4.4)
    graphql (1.11.3)
    interscript (2.0.5)
      interscript-maps
      thor
    interscript-maps (2.0.5)
    rake (13.0.1)
    rspec (3.9.0)
      rspec-core (~> 3.9.0)
      rspec-expectations (~> 3.9.0)
      rspec-mocks (~> 3.9.0)
    rspec-core (3.9.2)
      rspec-support (~> 3.9.3)
    rspec-expectations (3.9.2)
      diff-lcs (>= 1.2.0, < 2.0)
      rspec-support (~> 3.9.0)
    rspec-mocks (3.9.1)
      diff-lcs (>= 1.2.0, < 2.0)
      rspec-support (~> 3.9.0)
    rspec-support (3.9.3)
    thor (1.1.0)

PLATFORMS
  ruby

DEPENDENCIES
  graphql (~> 1.9)
  interscript (= 2.0.5)
  rake
  rspec

RUBY VERSION
   ruby 3.0.1p64

BUNDLED WITH
   2.1.4
